GEM
  remote: https://rubygems.org/
  specs:
    bcrypt (3.1.10)
    builder (2.1.2)
    diff-lcs (1.2.5)
    digest-sha3 (1.1.0)
    ecdsa (1.2.0)
    rack (1.6.4)
    rack-rpc (0.0.12)
      builder (~> 2.1.2)
      rack (~> 1.0)
    rspec (3.3.0)
      rspec-core (~> 3.3.0)
      rspec-expectations (~> 3.3.0)
      rspec-mocks (~> 3.3.0)
    rspec-core (3.3.2)
      rspec-support (~> 3.3.0)
    rspec-expectations (3.3.1)
      diff-lcs (>= 1.2.0, < 2.0)
      rspec-support (~> 3.3.0)
    rspec-mocks (3.3.2)
      diff-lcs (>= 1.2.0, < 2.0)
      rspec-support (~> 3.3.0)
    rspec-support (3.3.0)

PLATFORMS
  ruby

DEPENDENCIES
  bcrypt
  digest-sha3
  ecdsa
  rack-rpc
  rspec

BUNDLED WITH
   1.10.5
