GEM
  remote: https://rubygems.org/
  specs:
    diff-lcs (1.2.5)
    ecdsa (1.2.0)
    eventmachine (1.0.8)
    netrc (0.7.9)
    rest_client (1.8.3)
      netrc (~> 0.7.7)
    rspec (3.3.0)
      rspec-core (~> 3.3.0)
      rspec-expectations (~> 3.3.0)
      rspec-mocks (~> 3.3.0)
    rspec-core (3.3.2)
      rspec-support (~> 3.3.0)
    rspec-expectations (3.3.1)
      diff-lcs (>= 1.2.0, < 2.0)
      rspec-support (~> 3.3.0)
    rspec-mocks (3.3.2)
      diff-lcs (>= 1.2.0, < 2.0)
      rspec-support (~> 3.3.0)
    rspec-support (3.3.0)

PLATFORMS
  ruby

DEPENDENCIES
  ecdsa
  eventmachine
  rest_client
  rspec

BUNDLED WITH
   1.10.5
